GEM
  remote: https://rubygems.org/
  specs:
    activemodel (3.2.22.1)
      activesupport (= 3.2.22.1)
      builder (~> 3.0.0)
    activerecord (3.2.22.1)
      activemodel (= 3.2.22.1)
      activesupport (= 3.2.22.1)
      arel (~> 3.0.2)
      tzinfo (~> 0.3.29)
    activesupport (3.2.22.1)
      i18n (~> 0.6, >= 0.6.4)
      multi_json (~> 1.0)
    arel (3.0.3)
    builder (3.0.4)
    concurrent-ruby (1.1.5)
    i18n (0.9.5)
      concurrent-ruby (~> 1.0)
    multi_json (1.14.1)
    rack (1.6.11)
    rack-protection (1.2.0)
      rack
    sinatra (1.3.2)
      rack (~> 1.3, >= 1.3.6)
      rack-protection (~> 1.2)
      tilt (~> 1.3, >= 1.3.3)
    sinatra-activerecord (1.1.0)
      activerecord (~> 3.0)
      sinatra (~> 1.0)
    sqlite3 (1.3.6)
    tilt (1.3.3)
    tzinfo (0.3.55)

PLATFORMS
  ruby

DEPENDENCIES
  activerecord
  sinatra
  sinatra-activerecord
  sqlite3
